GEM
  remote: https://rubygems.org/
  specs:
    thread (0.1.4)

PLATFORMS
  ruby

DEPENDENCIES
  thread
